GIT
  remote: git://github.com/wafcio/hobbit-contrib.git
  revision: 58b4a1e3a47947b981b232586da2fca42accb466
  specs:
    hobbit-contrib (0.6.0)
      hobbit

GEM
  remote: https://rubygems.org/
  specs:
    activesupport (4.1.4)
      i18n (~> 0.6, >= 0.6.9)
      json (~> 1.7, >= 1.7.7)
      minitest (~> 5.1)
      thread_safe (~> 0.1)
      tzinfo (~> 1.1)
    coderay (1.1.0)
    daemons (1.1.9)
    eventmachine (1.0.3)
    execjs (2.2.1)
    fabrication (2.11.3)
    haml (4.0.5)
      tilt
    hike (1.2.3)
    hobbit (0.6.0)
      rack
    i18n (0.6.11)
    json (1.8.1)
    method_source (0.8.2)
    minitest (5.4.0)
    multi_json (1.10.1)
    pry (0.10.0)
      coderay (~> 1.1.0)
      method_source (~> 0.8.1)
      slop (~> 3.4)
    rack (1.5.2)
    rack-test (0.6.2)
      rack (>= 1.0)
    rake (10.3.2)
    sass (3.3.10)
    sequel (4.12.0)
    simpleconfig (2.0.1)
    slop (3.5.0)
    sprockets (2.12.1)
      hike (~> 1.2)
      multi_json (~> 1.0)
      rack (~> 1.0)
      tilt (~> 1.1, != 1.3.0)
    sqlite3 (1.3.9)
    thin (1.6.2)
      daemons (>= 1.0.9)
      eventmachine (>= 1.0.0)
      rack (>= 1.0.0)
    thread_safe (0.3.4)
    tilt (1.3.7)
    tzinfo (1.2.1)
      thread_safe (~> 0.1)
    uglifier (2.5.3)
      execjs (>= 0.3.0)
      json (>= 1.8.0)
    whois (3.5.5)
      activesupport (>= 3)

PLATFORMS
  ruby

DEPENDENCIES
  activesupport
  fabrication
  haml
  hobbit
  hobbit-contrib!
  minitest
  pry
  rack-test
  rake
  sass
  sequel
  simpleconfig
  sprockets (~> 2.12.1)
  sqlite3
  thin
  tilt (~> 1.3.0)
  uglifier
  whois
