GEM
  remote: https://rubygems.org/
  specs:
    activesupport (4.1.4)
      i18n (~> 0.6, >= 0.6.9)
      json (~> 1.7, >= 1.7.7)
      minitest (~> 5.1)
      thread_safe (~> 0.1)
      tzinfo (~> 1.1)
    daemons (1.1.9)
    eventmachine (1.0.3)
    hobbit (0.6.0)
      rack
    i18n (0.6.11)
    json (1.8.1)
    minitest (5.4.0)
    rack (1.5.2)
    rake (10.3.2)
    sequel (4.12.0)
    simpleconfig (2.0.1)
    thin (1.6.2)
      daemons (>= 1.0.9)
      eventmachine (>= 1.0.0)
      rack (>= 1.0.0)
    thread_safe (0.3.4)
    tzinfo (1.2.1)
      thread_safe (~> 0.1)

PLATFORMS
  ruby

DEPENDENCIES
  activesupport
  hobbit
  rake
  sequel
  simpleconfig
  thin
