GEM
  remote: https://rubygems.org/
  specs:
    classy_assets (0.14.5)
      escape_utils
      oj
      sinatra
      sprockets (~> 2.8.0)
    coderay (1.1.0)
    daemons (1.1.9)
    escape_utils (1.0.1)
    eventmachine (1.0.7)
    execjs (2.4.0)
    haml (4.0.6)
      tilt
    hike (1.2.3)
    hobbit (0.6.0)
      rack
    hobbit-contrib (0.7.1)
      hobbit
    json (1.8.2)
    method_source (0.8.2)
    multi_json (1.11.0)
    oj (2.12.0)
    pry (0.10.1)
      coderay (~> 1.1.0)
      method_source (~> 0.8.1)
      slop (~> 3.4)
    rack (1.6.0)
    rack-protection (1.5.3)
      rack
    rake (10.4.2)
    sass (3.4.13)
    sinatra (1.4.5)
      rack (~> 1.4)
      rack-protection (~> 1.4)
      tilt (~> 1.3, >= 1.3.4)
    slop (3.6.0)
    sprockets (2.8.3)
      hike (~> 1.2)
      multi_json (~> 1.0)
      rack (~> 1.0)
      tilt (~> 1.1, != 1.3.0)
    thin (1.6.3)
      daemons (~> 1.0, >= 1.0.9)
      eventmachine (~> 1.0)
      rack (~> 1.0)
    tilt (1.4.1)
    uglifier (2.7.1)
      execjs (>= 0.3.0)
      json (>= 1.8.0)

PLATFORMS
  ruby

DEPENDENCIES
  classy_assets
  haml
  hobbit
  hobbit-contrib
  pry
  rake
  sass
  thin
  uglifier
