GEM
  remote: https://rubygems.org/
  specs:
    daemons (1.1.9)
    eventmachine (1.0.3)
    hobbit (0.6.0)
      rack
    rack (1.5.2)
    rake (10.3.2)
    simpleconfig (2.0.1)
    thin (1.6.2)
      daemons (>= 1.0.9)
      eventmachine (>= 1.0.0)
      rack (>= 1.0.0)

PLATFORMS
  ruby

DEPENDENCIES
  hobbit
  rake
  simpleconfig
  thin
